GIT
  remote: https://github.com/mongoid/mongoid.git
  revision: e3a55c2a68895723f876dd1daaa86ec39b085d38
  specs:
    mongoid (4.0.0.alpha1)
      activemodel (~> 4.0.0)
      moped (~> 2.0.beta4)
      origin (~> 2.0)
      tzinfo (~> 0.3.37)

GEM
  remote: https://rubygems.org/
  specs:
    activemodel (4.0.0)
      activesupport (= 4.0.0)
      builder (~> 3.1.0)
    activerecord (4.0.0)
      activemodel (= 4.0.0)
      activerecord-deprecated_finders (~> 1.0.2)
      activesupport (= 4.0.0)
      arel (~> 4.0.0)
    activerecord-deprecated_finders (1.0.3)
    activesupport (4.0.0)
      i18n (~> 0.6, >= 0.6.4)
      minitest (~> 4.2)
      multi_json (~> 1.3)
      thread_safe (~> 0.1)
      tzinfo (~> 0.3.37)
    arel (4.0.1)
    atomic (1.1.12)
    authlogic (3.3.0)
      activerecord (>= 3.2)
      activesupport (>= 3.2)
    backports (3.3.3)
    bson (2.0.0)
    bson_ext (1.5.1)
    builder (3.1.4)
    coderay (1.0.9)
    connection_pool (1.2.0)
    daemons (1.1.9)
    descendants_tracker (0.0.1)
    eventmachine (1.0.3)
    grape (0.5.0)
      activesupport
      builder
      hashie (>= 1.2.0)
      multi_json (>= 1.3.2)
      multi_xml (>= 0.5.2)
      rack (>= 1.3.0)
      rack-accept
      rack-mount
      virtus
    grape-swagger (0.6.0)
      grape (>= 0.2.0)
      kramdown
    hashie (2.0.5)
    i18n (0.6.5)
    json (1.8.0)
    kramdown (1.1.0)
    method_source (0.8.2)
    minitest (4.7.5)
    mongo (1.3.1)
      bson (>= 1.3.1)
    moped (2.0.0.beta4)
      bson (~> 2.0)
      connection_pool (~> 1.2)
      optionable (~> 0.2.0)
    multi_json (1.7.9)
    multi_xml (0.5.5)
    optionable (0.2.0)
    origin (2.0.0)
    pry (0.9.12.2)
      coderay (~> 1.0.5)
      method_source (~> 0.8)
      slop (~> 3.4)
    rack (1.5.2)
    rack-accept (0.4.5)
      rack (>= 0.4)
    rack-mount (0.8.3)
      rack (>= 1.0.0)
    rack-protection (1.5.0)
      rack
    sinatra (1.4.3)
      rack (~> 1.4)
      rack-protection (~> 1.4)
      tilt (~> 1.3, >= 1.3.4)
    slop (3.4.6)
    thin (1.5.1)
      daemons (>= 1.0.9)
      eventmachine (>= 0.12.6)
      rack (>= 1.0.0)
    thread_safe (0.1.2)
      atomic
    tilt (1.4.1)
    tzinfo (0.3.37)
    virtus (0.5.5)
      backports (~> 3.3)
      descendants_tracker (~> 0.0.1)

PLATFORMS
  ruby

DEPENDENCIES
  authlogic
  bson_ext
  grape (~> 0.5.0)
  grape-swagger
  json
  mongo
  mongoid!
  pry
  sinatra
  thin
